GEM
  remote: https://rubygems.org/
  specs:
    addressable (2.8.1)
      public_suffix (>= 2.0.2, < 6.0)
    breakpoint (2.7.1)
      sass (~> 3.3)
      sassy-maps (< 1.0.0)
    chunky_png (1.3.15)
    coderay (1.1.3)
    compass (1.0.3)
      chunky_png (~> 1.2)
      compass-core (~> 1.0.2)
      compass-import-once (~> 1.0.5)
      rb-fsevent (>= 0.9.3)
      rb-inotify (>= 0.9)
      sass (>= 3.3.13, < 3.5)
    compass-core (1.0.3)
      multi_json (~> 1.0)
      sass (>= 3.3.0, < 3.5)
    compass-import-once (1.0.5)
      sass (>= 3.2, < 3.5)
    compass-normalize (1.5)
      compass (>= 0.12.0)
    compass-rgbapng (0.2.1)
      chunky_png (>= 0.8.0)
      compass (>= 0.10.0)
    compass-validator (3.0.1)
    css_parser (1.14.0)
      addressable
    em-websocket (0.5.3)
      eventmachine (>= 0.12.9)
      http_parser.rb (~> 0)
    eventmachine (1.2.7)
    eventmachine (1.2.7-x86-mingw32)
    ffi (1.15.5)
    ffi (1.15.5-x86-mingw32)
    formatador (1.1.0)
    guard (2.18.0)
      formatador (>= 0.2.4)
      listen (>= 2.7, < 4.0)
      lumberjack (>= 1.0.12, < 2.0)
      nenv (~> 0.1)
      notiffany (~> 0.0)
      pry (>= 0.13.0)
      shellany (~> 0.0)
      thor (>= 0.18.1)
    guard-compass (1.1.0)
      compass (>= 0.10.5)
      guard (~> 2.0)
    guard-compat (1.2.1)
    guard-livereload (2.5.2)
      em-websocket (~> 0.5)
      guard (~> 2.8)
      guard-compat (~> 1.0)
      multi_json (~> 1.8)
    guard-shell (0.7.2)
      guard (>= 2.0.0)
      guard-compat (~> 1.0)
    http_parser.rb (0.8.0)
    listen (3.8.0)
      rb-fsevent (~> 0.10, >= 0.10.3)
      rb-inotify (~> 0.9, >= 0.9.10)
    lumberjack (1.2.8)
    method_source (1.0.0)
    multi_json (1.15.0)
    nenv (0.3.0)
    notiffany (0.1.3)
      nenv (~> 0.1)
      shellany (~> 0.0)
    oily_png (1.2.1)
      chunky_png (~> 1.3.7)
    pry (0.14.2)
      coderay (~> 1.1)
      method_source (~> 1.0)
    public_suffix (5.0.1)
    rb-fchange (0.0.6)
      ffi
    rb-fsevent (0.11.2)
    rb-inotify (0.10.1)
      ffi (~> 1.0)
    sass (3.4.25)
    sass-globbing (1.1.5)
      sass (>= 3.1)
    sassy-maps (0.4.0)
      sass (~> 3.3)
    shellany (0.0.1)
    singularitygs (1.8.0)
      breakpoint (~> 2.4)
      sass (~> 3.3)
    thor (1.2.1)
    toolkit (2.10.2)
      sass (~> 3.3)
    yajl-ruby (1.4.3)

PLATFORMS
  ruby
  x86-mingw32

DEPENDENCIES
  breakpoint
  compass
  compass-normalize
  compass-rgbapng
  compass-validator
  css_parser
  guard
  guard-compass
  guard-livereload
  guard-shell
  oily_png
  rb-fchange
  rb-fsevent
  rb-inotify (~> 0.9)
  sass
  sass-globbing
  sassy-maps
  singularitygs
  toolkit
  yajl-ruby

BUNDLED WITH
   2.2.22
